GEM
  remote: https://rubygems.org/
  specs:
    activemodel (5.1.3)
      activesupport (= 5.1.3)
    activerecord (5.1.3)
      activemodel (= 5.1.3)
      activesupport (= 5.1.3)
      arel (~> 8.0)
    activesupport (5.1.3)
      concurrent-ruby (~> 1.0, >= 1.0.2)
      i18n (~> 0.7)
      minitest (~> 5.1)
      tzinfo (~> 1.1)
    arel (8.0.0)
    concurrent-ruby (1.0.5)
    i18n (0.8.6)
    minitest (5.10.3)
    pg (0.21.0)
    rack (1.6.8)
    rack-protection (1.5.3)
      rack
    rake (12.0.0)
    shotgun (0.9.2)
      rack (>= 1.0)
    sinatra (1.4.6)
      rack (~> 1.4)
      rack-protection (~> 1.4)
      tilt (>= 1.3, < 3)
    sinatra-activerecord (2.0.13)
      activerecord (>= 3.2)
      sinatra (>= 1.0)
    thread_safe (0.3.6)
    tilt (2.0.8)
    tzinfo (1.2.3)
      thread_safe (~> 0.1)

PLATFORMS
  ruby

DEPENDENCIES
  pg
  rake
  shotgun
  sinatra (= 1.4.6)
  sinatra-activerecord (~> 2.0)

BUNDLED WITH
   1.15.4
